GEM
  remote: https://rubygems.org/
  specs:
    aws-sdk (2.1.26)
      aws-sdk-resources (= 2.1.26)
    aws-sdk-core (2.1.26)
      jmespath (~> 1.0)
    aws-sdk-resources (2.1.26)
      aws-sdk-core (= 2.1.26)
    jmespath (1.1.3)
    mime-types (2.6.2)

PLATFORMS
  ruby

DEPENDENCIES
  aws-sdk (~> 2)
  mime-types

BUNDLED WITH
   1.10.6
